GIT
  remote: git://github.com/pero-ict-solutions/spree-homepager.git
  revision: 393749cb067209acc3b756cf8f5fae95362eb7f8
  specs:
    spree-homepager (0.50.0)
      spree_core

GIT
  remote: git://github.com/spree/spree_active_shipping.git
  revision: cd1d2ab375ceddce15080c522f9364d49e8bc301
  ref: cd1d2ab375ceddce15080c522f9364d49e8bc301
  specs:
    spree_active_shipping (1.0.0)
      active_shipping (= 0.9.12)
      spree_core (>= 0.30.1)

GEM
  remote: http://rubygems.org/
  specs:
    abstract (1.0.0)
    actionmailer (3.0.7)
      actionpack (= 3.0.7)
      mail (~> 2.2.15)
    actionpack (3.0.7)
      activemodel (= 3.0.7)
      activesupport (= 3.0.7)
      builder (~> 2.1.2)
      erubis (~> 2.6.6)
      i18n (~> 0.5.0)
      rack (~> 1.2.1)
      rack-mount (~> 0.6.14)
      rack-test (~> 0.5.7)
      tzinfo (~> 0.3.23)
    active_shipping (0.9.12)
      activesupport (>= 2.3.5)
    activemerchant (1.14.0)
      activesupport (>= 2.3.8)
      braintree (>= 2.0.0)
      builder (>= 2.0.0)
    activemodel (3.0.7)
      activesupport (= 3.0.7)
      builder (~> 2.1.2)
      i18n (~> 0.5.0)
    activerecord (3.0.7)
      activemodel (= 3.0.7)
      activesupport (= 3.0.7)
      arel (~> 2.0.2)
      tzinfo (~> 0.3.23)
    activeresource (3.0.7)
      activemodel (= 3.0.7)
      activesupport (= 3.0.7)
    activesupport (3.0.7)
    acts_as_list (0.1.2)
    arel (2.0.10)
    aws-s3 (0.6.2)
      builder
      mime-types
      xml-simple
    bcrypt-ruby (2.1.4)
    braintree (2.10.0)
      builder
    builder (2.1.2)
    cancan (1.6.4)
    columnize (0.3.4)
    devise (1.3.3)
      bcrypt-ruby (~> 2.1.2)
      orm_adapter (~> 0.0.3)
      warden (~> 1.0.3)
    erubis (2.6.6)
      abstract (>= 1.0.0)
    faker (0.9.5)
      i18n (~> 0.4)
    high_voltage (1.0.1)
    highline (1.5.1)
    i18n (0.5.0)
    jquery-rails (0.2.6)
      rails (~> 3.0)
      thor (~> 0.14.4)
    linecache (0.46)
      rbx-require-relative (> 0.0.4)
    mail (2.2.19)
      activesupport (>= 2.3.6)
      i18n (>= 0.4.0)
      mime-types (~> 1.16)
      treetop (~> 1.4.8)
    meta_search (1.0.5)
      actionpack (~> 3.0.2)
      activerecord (~> 3.0.2)
      activesupport (~> 3.0.2)
      arel (~> 2.0.2)
    mime-types (1.16)
    mysql2 (0.2.13)
    nested_set (1.6.4)
      activerecord (>= 3.0.0)
      railties (>= 3.0.0)
    orm_adapter (0.0.5)
    paperclip (2.3.8)
      activerecord
      activesupport
    polyglot (0.3.1)
    rack (1.2.3)
    rack-mount (0.6.14)
      rack (>= 1.0.0)
    rack-test (0.5.7)
      rack (>= 1.0)
    rails (3.0.7)
      actionmailer (= 3.0.7)
      actionpack (= 3.0.7)
      activerecord (= 3.0.7)
      activeresource (= 3.0.7)
      activesupport (= 3.0.7)
      bundler (~> 1.0)
      railties (= 3.0.7)
    railties (3.0.7)
      actionpack (= 3.0.7)
      activesupport (= 3.0.7)
      rake (>= 0.8.7)
      thor (~> 0.14.4)
    rake (0.9.0)
    rbx-require-relative (0.0.5)
    rd_find_by_param (0.1.1)
      activerecord (~> 3.0)
      activesupport (~> 3.0)
    rd_resource_controller (1.0.1)
    rd_unobtrusive_date_picker (0.1.0)
    ruby-debug (0.10.4)
      columnize (>= 0.1)
      ruby-debug-base (~> 0.10.4.0)
    ruby-debug-base (0.10.4)
      linecache (>= 0.3)
    spree (0.60.0)
      spree_api (= 0.60.0)
      spree_auth (= 0.60.0)
      spree_core (= 0.60.0)
      spree_dash (= 0.60.0)
      spree_promo (= 0.60.0)
      spree_sample (= 0.60.0)
    spree_api (0.60.0)
      spree_auth (= 0.60.0)
      spree_core (= 0.60.0)
    spree_auth (0.60.0)
      cancan (= 1.6.4)
      devise (= 1.3.3)
      spree_core (= 0.60.0)
    spree_core (0.60.0)
      activemerchant (= 1.14.0)
      acts_as_list (= 0.1.2)
      faker (= 0.9.5)
      highline (= 1.5.1)
      jquery-rails (= 0.2.6)
      meta_search (= 1.0.5)
      nested_set (= 1.6.4)
      paperclip (= 2.3.8)
      rails (= 3.0.7)
      rd_find_by_param (= 0.1.1)
      rd_resource_controller
      rd_unobtrusive_date_picker (= 0.1.0)
      state_machine (= 0.9.4)
      stringex (= 1.0.3)
      will_paginate (= 3.0.pre2)
    spree_dash (0.60.0)
      spree_core (= 0.60.0)
    spree_promo (0.60.0)
      spree_core (= 0.60.0)
    spree_sample (0.60.0)
      spree_core (= 0.60.0)
    sqlite3 (1.3.3)
    state_machine (0.9.4)
    stringex (1.0.3)
    thor (0.14.6)
    treetop (1.4.9)
      polyglot (>= 0.3.1)
    tzinfo (0.3.27)
    warden (1.0.4)
      rack (>= 1.0)
    will_paginate (3.0.pre2)
    xml-simple (1.1.1)

PLATFORMS
  ruby

DEPENDENCIES
  active_shipping (= 0.9.12)
  aws-s3
  high_voltage
  mysql2 (~> 0.2.7)
  rails (= 3.0.7)
  ruby-debug
  spree
  spree-homepager!
  spree_active_shipping!
  sqlite3
